GEM
  remote: https://rubygems.org/
  specs:
    backports (3.6.4)
    haml (4.0.6)
      tilt
    hiredis (0.6.0)
    msgpack (0.5.11)
    multi_json (1.11.0)
    nido (0.0.1)
    ohm (2.2.0)
      msgpack
      nido
      redic
      stal
    ohm-contrib (2.2.0)
      ohm (~> 2.2)
    rack (1.6.0)
    rack-protection (1.5.3)
      rack
    rack-test (0.6.3)
      rack (>= 1.0)
    redic (1.4.1)
      hiredis
    shotgun (0.9.1)
      rack (>= 1.0)
    sinatra (1.4.6)
      rack (~> 1.4)
      rack-protection (~> 1.4)
      tilt (>= 1.3, < 3)
    sinatra-contrib (1.4.2)
      backports (>= 2.0)
      multi_json
      rack-protection
      rack-test
      sinatra (~> 1.4.0)
      tilt (~> 1.3)
    stal (0.1.0)
      redic
    tilt (1.4.1)

PLATFORMS
  ruby

DEPENDENCIES
  haml
  ohm
  ohm-contrib
  shotgun
  sinatra
  sinatra-contrib
