GEM
  remote: https://rubygems.org/
  specs:
    haml (4.0.6)
      tilt
    hiredis (0.6.0)
    msgpack (0.5.11)
    nido (0.0.1)
    ohm (2.2.0)
      msgpack
      nido
      redic
      stal
    ohm-contrib (2.2.0)
      ohm (~> 2.2)
    rack (1.6.0)
    rack-protection (1.5.3)
      rack
    redic (1.4.1)
      hiredis
    shotgun (0.9.1)
      rack (>= 1.0)
    sinatra (1.4.6)
      rack (~> 1.4)
      rack-protection (~> 1.4)
      tilt (>= 1.3, < 3)
    stal (0.1.0)
      redic
    tilt (2.0.1)

PLATFORMS
  ruby

DEPENDENCIES
  haml
  ohm
  ohm-contrib
  shotgun
  sinatra
